NUGET
  remote: http://nuget.org/api/v2
  specs:
    Expression.Blend.Sdk (1.0.2)
    FAKE (3.36.0)
    Fantomas (1.8.0-beta)
      FSharp.Compiler.Service (>= 1.4.0-beta)
    Foq (1.7.1)
    FsCheck (2.0.3)
      FSharp.Core (>= 3.1.2.1)
    FSharp.Compiler.Service (1.4.0-beta)
    FSharp.Core (3.1.2.5)
    FSharp.Formatting (2.9.10)
      FSharp.Compiler.Service (>= 0.0.87)
      FSharpVSPowerTools.Core (1.8.0)
    FSharp.ViewModule.Core (0.9.9.1)
    FSharpLint.Core (0.0.5)
      FSharp.Compiler.Service (>= 0.0.89)
    FSharpVSPowerTools.Core (1.8.0)
      FSharp.Compiler.Service (>= 0.0.87)
    FsXaml.Wpf (0.9.9)
      Expression.Blend.Sdk (>= 1.0.2) - framework: >= net45
    Microsoft.Bcl (1.1.10)
      Microsoft.Bcl.Build (>= 1.0.14)
    Microsoft.Bcl.Build (1.0.21)
    Microsoft.Net.Http (2.2.29)
      Microsoft.Bcl (>= 1.1.10)
      Microsoft.Bcl.Build (>= 1.0.14)
    NuGet.CommandLine (2.8.5)
    NUnit (2.6.4)
    NUnit.Runners (2.6.4)
    Octokit (0.13.0)
      Microsoft.Net.Http
    SourceLink.SymbolStore (0.5.0)
    VSSDK.IDE.11 (11.0.4)
    VSSDK.IDE.14 (14.0.4-preview)
    VSSDK.IDE.Deploy.11 (11.0.4)
      VSSDK.IDE.11 (>= 11.0.4 < 12.0.0)
    VSSDK.IDE.Deploy.14 (14.0.4-preview)
      VSSDK.IDE.14 (>= 14.0.4-preview < 15.0.0)
GITHUB
  remote: fsharp/FAKE
  specs:
    modules/Octokit/Octokit.fsx (69ef5a5ccc1ece211a241fa43781b53d49e58475)
      Octokit